GEM
  remote: https://rubygems.org/
  specs:
    httparty (0.16.2)
      multi_xml (>= 0.5.2)
    multi_xml (0.6.0)
    rack (2.0.5)

PLATFORMS
  ruby

DEPENDENCIES
  bundler
  httparty
  rack

BUNDLED WITH
   1.16.1
